GEM
  remote: https://rubygems.org/
  specs:
    activesupport (3.2.17)
      i18n (~> 0.6, >= 0.6.4)
      multi_json (~> 1.0)
    bubble-wrap (1.5.0)
    colored (1.2)
    i18n (0.6.9)
    ib (0.4.3)
      thor (>= 0.15.4)
      tilt (>= 1.4.1)
      xcodeproj (>= 0.11.1)
    multi_json (1.9.2)
    rake (10.1.1)
    thor (0.19.0)
    tilt (2.0.1)
    xcodeproj (0.14.1)
      activesupport (~> 3.0)
      colored (~> 1.2)
      rake

PLATFORMS
  ruby

DEPENDENCIES
  bubble-wrap (~> 1.5.0)
  ib
  rake
